GEM
  remote: http://rubygems.org/
  specs:
    activesupport (2.3.8)
    cmdparse (2.0.3)
    git (1.2.5)
    highline (1.6.1)
    jeweler (1.5.2)
      bundler (~> 1.0.0)
      git (>= 1.2.5)
      rake
    json (1.4.6)
    mime-types (1.16)
    net-ssh (2.1.0)
    net-ssh-gateway (1.0.1)
      net-ssh (>= 1.99.1)
    rake (0.8.7)
    rest-client (1.6.1)
      mime-types (>= 1.16)
    rspec (1.3.0)
    sauce (0.12.9)
      cmdparse (>= 2.0.2)
      highline (>= 1.5.0)
      json (>= 1.4.6)
      net-ssh
      net-ssh-gateway
      rest-client
      selenium-client (>= 1.2.18)
    selenium-client (1.2.18)

PLATFORMS
  ruby

DEPENDENCIES
  activesupport (>= 2.3.0)
  jeweler (= 1.5.2)
  json (>= 1.4.3)
  rake (= 0.8.7)
  rspec (= 1.3.0)
  sauce (>= 0.12.9)
