GEM
  remote: http://rubygems.org/
  specs:
    activesupport (2.3.8)
    git (1.2.5)
    jeweler (1.5.2)
      bundler (~> 1.0.0)
      git (>= 1.2.5)
      rake
    json (1.4.3)
    rake (0.8.7)
    rspec (1.3.0)

PLATFORMS
  ruby

DEPENDENCIES
  activesupport (>= 2.3.0)
  jeweler (= 1.5.2)
  json (= 1.4.3)
  rake (= 0.8.7)
  rspec (= 1.3.0)
